GEM
  remote: https://rubygems.org/
  specs:
    mini_portile2 (2.8.9)
    nokogiri (1.18.9)
      mini_portile2 (~> 2.8.2)
      racc (~> 1.4)
    power_assert (2.0.5)
    racc (1.8.1)
    test-unit (3.6.8)
      power_assert
    yaml (0.4.0)

PLATFORMS
  ruby

DEPENDENCIES
  bundler (~> 2.0)
  nokogiri (>= 1.18.6)
  test-unit
  yaml

BUNDLED WITH
   2.6.6
