GEM
  remote: https://rubygems.org/
  specs:
    mini_portile2 (2.6.1)
    nokogiri (1.12.5)
      mini_portile2 (~> 2.6.1)
      racc (~> 1.4)
    power_assert (0.4.1)
    racc (1.5.2)
    test-unit (3.2.3)
      power_assert

PLATFORMS
  ruby

DEPENDENCIES
  nokogiri (>= 1.11.0)
  test-unit

BUNDLED WITH
   1.17.2
